PATH
  remote: vendor/opencv
  specs:
    motioncv (0.1)

GEM
  remote: https://rubygems.org/
  specs:
    rake (10.1.0)

PLATFORMS
  ruby

DEPENDENCIES
  motioncv!
  rake
