PATH
  remote: vendor/opencv
  specs:
    motioncv (0.1)

GEM
  remote: https://rubygems.org/
  specs:
    bubble-wrap (1.3.0)
    formotion (1.5.0)
      bubble-wrap (~> 1.3.0)
      motion-require (~> 0.0.3)
    motion-require (0.0.7)
    rake (10.1.0)
    teacup (2.1.9)

PLATFORMS
  ruby

DEPENDENCIES
  bubble-wrap
  formotion
  motioncv!
  rake
  teacup
